GEM
  remote: https://rubygems.org/
  specs:
    childprocess (0.7.1)
      ffi (~> 1.0, >= 1.0.11)
    connection_pool (2.2.1)
    data_magic (1.0)
      faker (>= 1.1.2)
      yml_reader (>= 0.6)
    faker (1.8.4)
      i18n (~> 0.5)
    faraday (0.9.2)
      multipart-post (>= 1.2, < 3)
    faraday_middleware (0.9.2)
      faraday (>= 0.7.4, < 0.10)
    ffi (1.9.18)
    groupme (0.0.7)
      faraday (~> 0.9.0)
      faraday_middleware (~> 0.9.0)
      hashie (~> 3.0)
      multi_json (~> 1.3)
      simple_oauth (~> 0.2)
    hashie (3.5.6)
    i18n (0.8.6)
    multi_json (1.12.1)
    multipart-post (2.0.0)
    net-http-persistent (3.0.0)
      connection_pool (~> 2.2)
    page-object (2.1.1)
      net-http-persistent (~> 3.0)
      page_navigation (>= 0.9)
      selenium-webdriver (~> 3.0)
      watir (~> 6.0)
    page_navigation (0.10)
      data_magic (>= 0.22)
    rubyzip (1.2.1)
    selenium-webdriver (3.4.4)
      childprocess (~> 0.5)
      rubyzip (~> 1.0)
    simple_oauth (0.3.1)
    watir (6.4.3)
      selenium-webdriver (~> 3.0)
    yml_reader (0.7)

PLATFORMS
  ruby

DEPENDENCIES
  groupme!
  page-object!
  watir!

BUNDLED WITH
   1.15.2
